GIT
  remote: https://github.com/SciRuby/daru.git
  revision: 32dd946556c55ebdd10bf215d618c625edbdd9be
  specs:
    daru (0.1.6)
      backports
      packable (~> 1.3.9)

GIT
  remote: https://github.com/SciRuby/nyaplot.git
  revision: 662ebc60b0d1e9fbebe7e06530d8450d266ebbdd
  specs:
    nyaplot (0.1.6)

GIT
  remote: https://github.com/Shekharrajak/daru-data_tables.git
  revision: de79857df9f94c4c9878835250c069c27dbf47d6
  specs:
    daru-data_tables (0.1.0)

GIT
  remote: https://github.com/winston/google_visualr.git
  revision: 17b97114a345baadd011e7b442b9a6c91a2b7ab5
  specs:
    google_visualr (2.5.1)

PATH
  remote: ../..
  specs:
    daru-view (0.1.0)
      actionview
      daru
      daru-data_tables
      google_visualr
      lazy_high_charts
      nyaplot

GEM
  remote: http://rubygems.org/
  specs:
    actionview (5.1.4)
      activesupport (= 5.1.4)
      builder (~> 3.1)
      erubi (~> 1.4)
      rails-dom-testing (~> 2.0)
      rails-html-sanitizer (~> 1.0, >= 1.0.3)
    activesupport (5.1.4)
      concurrent-ruby (~> 1.0, >= 1.0.2)
      i18n (~> 0.7)
      minitest (~> 5.1)
      tzinfo (~> 1.1)
    ast (2.3.0)
    backports (3.8.0)
    bond (0.5.1)
    builder (3.2.3)
    byebug (9.1.0)
    coderay (1.1.2)
    concurrent-ruby (1.0.5)
    data_uri (0.1.0)
    diff-lcs (1.3)
    distribution (0.7.3)
    docile (1.1.5)
    erubi (1.6.1)
    ffi (1.9.18)
    ffi-rzmq (2.0.5)
      ffi-rzmq-core (>= 1.0.6)
    ffi-rzmq-core (1.0.6)
      ffi
    hash-deep-merge (0.1.1)
    i18n (0.8.6)
    iruby (0.3)
      bond (~> 0.5)
      data_uri (~> 0.1)
      mimemagic (~> 0.3)
      multi_json (~> 1.11)
    json (2.1.0)
    lazy_high_charts (1.5.8)
      hash-deep-merge
    loofah (2.0.3)
      nokogiri (>= 1.5.9)
    method_source (0.8.2)
    mimemagic (0.3.2)
    mini_portile2 (2.2.0)
    minitest (5.10.3)
    multi_json (1.12.2)
    nokogiri (1.8.0)
      mini_portile2 (~> 2.2.0)
    packable (1.3.9)
      backports
    parallel (1.12.0)
    parser (2.4.0.0)
      ast (~> 2.2)
    powerpack (0.1.1)
    pry (0.10.4)
      coderay (~> 1.1.0)
      method_source (~> 0.8.1)
      slop (~> 3.4)
    pry-byebug (3.5.0)
      byebug (~> 9.1)
      pry (~> 0.10)
    rails-dom-testing (2.0.3)
      activesupport (>= 4.2.0)
      nokogiri (>= 1.6)
    rails-html-sanitizer (1.0.3)
      loofah (~> 2.0)
    rainbow (2.2.2)
      rake
    rake (12.1.0)
    rbczmq (1.7.9)
    rspec (3.6.0)
      rspec-core (~> 3.6.0)
      rspec-expectations (~> 3.6.0)
      rspec-mocks (~> 3.6.0)
    rspec-core (3.6.0)
      rspec-support (~> 3.6.0)
    rspec-expectations (3.6.0)
      diff-lcs (>= 1.2.0, < 2.0)
      rspec-support (~> 3.6.0)
    rspec-mocks (3.6.0)
      diff-lcs (>= 1.2.0, < 2.0)
      rspec-support (~> 3.6.0)
    rspec-support (3.6.0)
    rubocop (0.49.1)
      parallel (~> 1.10)
      parser (>= 2.3.3.1, < 3.0)
      powerpack (~> 0.1)
      rainbow (>= 1.99.1, < 3.0)
      ruby-progressbar (~> 1.7)
      unicode-display_width (~> 1.0, >= 1.0.1)
    ruby-progressbar (1.8.1)
    simplecov (0.15.1)
      docile (~> 1.1.0)
      json (>= 1.8, < 3)
      simplecov-html (~> 0.10.0)
    simplecov-html (0.10.2)
    slop (3.6.0)
    thread_safe (0.3.6)
    tzinfo (1.2.3)
      thread_safe (~> 0.1)
    unicode-display_width (1.3.0)

PLATFORMS
  ruby

DEPENDENCIES
  bundler
  daru!
  daru-data_tables!
  daru-view!
  distribution
  ffi-rzmq
  google_visualr!
  iruby
  nyaplot!
  pry
  pry-byebug
  rake
  rbczmq
  rspec
  rubocop
  simplecov

BUNDLED WITH
   1.15.4
